GEM
  remote: https://rubygems.org/
  specs:
    bigdecimal (3.1.4)
    csv (3.2.6)
    extpp (0.1.1)
    fiddle (1.1.1)
    gio2 (4.1.5)
      fiddle
      gobject-introspection (= 4.1.5)
    glib2 (4.1.5)
      native-package-installer (>= 1.0.3)
      pkg-config (>= 1.3.5)
    gobject-introspection (4.1.5)
      glib2 (= 4.1.5)
    native-package-installer (1.1.5)
    pkg-config (1.5.1)
    red-arrow (11.0.0)
      bigdecimal (>= 3.1.0)
      extpp (>= 0.1.1)
      gio2 (>= 3.5.0)
      native-package-installer
      pkg-config
    red-datasets (0.1.5)
      csv (>= 3.2.4)
      rexml
      rubyzip
    red-datasets-arrow (0.0.3)
      red-arrow
      red-datasets (>= 0.0.3)
    red_amber (0.4.2)
      red-arrow (~> 11.0.0)
    rexml (3.2.5)
    rubyzip (2.3.2)

PLATFORMS
  arm64-darwin-21

DEPENDENCIES
  red-datasets-arrow
  red_amber

RUBY VERSION
   ruby 3.2.2p53

BUNDLED WITH
   2.4.10
